PATH
  remote: .
  specs:
    configer (1.1.5)
      hashie

GEM
  remote: http://rubygems.org/
  specs:
    hashie (3.0.0)
    rake (10.3.1)

PLATFORMS
  ruby

DEPENDENCIES
  bundler
  configer!
  rake
