PATH
  remote: .
  specs:
    configer (1.1.2)
      hashie

GEM
  remote: http://rubygems.org/
  specs:
    hashie (2.1.1)
    rake (10.3.1)

PLATFORMS
  ruby

DEPENDENCIES
  bundler
  configer!
  rake
