PATH
  remote: .
  specs:
    configer (0.0.1.pre.pre)
      hashie
      loader

GEM
  remote: http://rubygems.org/
  specs:
    hashie (2.1.1)
    loader (1.1.0)
    rake (10.3.1)

PLATFORMS
  ruby

DEPENDENCIES
  bundler
  configer!
  rake
